GEM
  remote: https://rubygems.org/
  specs:

PLATFORMS
  x86_64-linux

DEPENDENCIES
  bundler

BUNDLED WITH
   2.3.11
